GEM
  remote: http://rubygems.org/
  specs:
    columnize (0.3.6)
    linecache (0.46)
      rbx-require-relative (> 0.0.4)
    macaddr (1.5.0)
      systemu (>= 2.4.0)
    metaclass (0.0.1)
    mocha (0.10.5)
      metaclass (~> 0.0.1)
    rake (0.8.7)
    rbx-require-relative (0.0.9)
    ruby-debug (0.10.4)
      columnize (>= 0.1)
      ruby-debug-base (~> 0.10.4.0)
    ruby-debug-base (0.10.4)
      linecache (>= 0.3)
    shoulda (3.0.1)
      shoulda-context (~> 1.0.0)
      shoulda-matchers (~> 1.0.0)
    shoulda-context (1.0.0)
    shoulda-matchers (1.0.0)
    systemu (2.5.0)
    uuid (2.3.5)
      macaddr (~> 1.0)
    xmlcanonicalizer (0.1.1)

PLATFORMS
  ruby

DEPENDENCIES
  mocha (~> 0.10.5)
  rake
  ruby-debug (~> 0.10.4)
  shoulda (~> 3.0.1)
  uuid (~> 2.3.5)
  xmlcanonicalizer (~> 0.1.1)
